NUGET
  remote: https://www.nuget.org/api/v2
    Argu (3.2)
    Expecto (1.1.2)
      Argu (>= 3.2)
      FSharp.Core (>= 3.1.2.5)
    Expecto.FsCheck (1.1.2)
      Expecto (>= 1.1.2)
      FsCheck (>= 2.6.2)
      FSharp.Core (>= 3.1.2.5)
    Expecto.PerfUtil (1.0.12)
      Expecto (>= 1.0.12)
      FSharp.Core (>= 3.1.2.5)
      PerfUtil (>= 0.1.8)
    FParsec (1.0.2)
    FsCheck (2.6.2)
      FSharp.Core (>= 3.1.2.5)
    FSharp.Core (4.0.0.1)
    PerfUtil (0.1.8)
